GEM
  remote: http://rubygems.org/
  specs:
    activesupport (3.0.3)
    i18n (0.5.0)
    mail (2.2.11)
      activesupport (>= 2.3.6)
      i18n (~> 0.5.0)
      mime-types (~> 1.16)
      treetop (~> 1.4.8)
    mime-types (1.16)
    mocha (0.9.10)
      rake
    polyglot (0.3.1)
    rake (0.8.7)
    shared-mime-info (0.1)
    treetop (1.4.9)
      polyglot (>= 0.3.1)

PLATFORMS
  ruby

DEPENDENCIES
  mail (>= 2.2.1)
  mocha
  shared-mime-info
